GEM
  remote: http://rubygems.org/
  specs:
    distributor (0.5.1)
      thor (>= 0.13.6)
    foreman (0.57.0)
      thor (>= 0.13.6)
    thor (0.16.0)

PLATFORMS
  ruby

DEPENDENCIES
  distributor
  foreman
